PATH
  remote: .
  specs:
    string_cycle (0.0.0)

GEM
  remote: http://rubygems.org/
  specs:
    coderay (1.0.8)
    diff-lcs (1.1.3)
    method_source (0.8.1)
    pry (0.9.11.3)
      coderay (~> 1.0.5)
      method_source (~> 0.8)
      slop (~> 3.4)
    rake (10.0.3)
    rake-compiler (0.8.2)
      rake
    rspec (2.12.0)
      rspec-core (~> 2.12.0)
      rspec-expectations (~> 2.12.0)
      rspec-mocks (~> 2.12.0)
    rspec-core (2.12.2)
    rspec-expectations (2.12.1)
      diff-lcs (~> 1.1.3)
    rspec-mocks (2.12.1)
    slop (3.4.3)

PLATFORMS
  ruby

DEPENDENCIES
  pry
  rake
  rake-compiler
  rspec (~> 2.4)
  string_cycle!
